GEM
  specs:
    httparty (0.21.0)
      mini_mime (>= 1.0.0)
      multi_xml (>= 0.5.2)
    mini_mime (1.1.5)
    multi_xml (0.6.0)
    rainbow (3.0.0)

PLATFORMS
  ruby

DEPENDENCIES
  httparty (~> 0.21.0)
  rainbow (~> 3.0)

BUNDLED WITH
   2.1.4
